PATH
  remote: .
  specs:
    mangdown (0.20.5)
      addressable
      mimemagic
      nokogiri (~> 1.8)
      rubyzip (~> 1.1)
      typhoeus (~> 0.7)

GEM
  remote: https://rubygems.org/
  specs:
    addressable (2.5.2)
      public_suffix (>= 2.0.2, < 4.0)
    ast (2.4.0)
    crack (0.4.3)
      safe_yaml (~> 1.0.0)
    ethon (0.12.0)
      ffi (>= 1.3.0)
    ffi (1.10.0)
    ffi (1.10.0-x86-mingw32)
    hashdiff (0.3.7)
    jaro_winkler (1.5.1)
    mimemagic (0.3.3)
    mini_portile2 (2.4.0)
    minitest (5.5.1)
    nokogiri (1.10.2)
      mini_portile2 (~> 2.4.0)
    nokogiri (1.10.2-x86-mingw32)
      mini_portile2 (~> 2.4.0)
    parallel (1.12.1)
    parser (2.5.1.2)
      ast (~> 2.4.0)
    powerpack (0.1.2)
    public_suffix (3.0.3)
    rainbow (3.0.0)
    rake (12.3.1)
    rubocop (0.60.0)
      jaro_winkler (~> 1.5.1)
      parallel (~> 1.10)
      parser (>= 2.5, != 2.5.1.1)
      powerpack (~> 0.1)
      rainbow (>= 2.2.2, < 4.0)
      ruby-progressbar (~> 1.7)
      unicode-display_width (~> 1.4.0)
    ruby-progressbar (1.10.0)
    rubyzip (1.2.2)
    safe_yaml (1.0.4)
    typhoeus (0.8.0)
      ethon (>= 0.8.0)
    unicode-display_width (1.4.0)
    webmock (3.4.2)
      addressable (>= 2.3.6)
      crack (>= 0.3.2)
      hashdiff

PLATFORMS
  ruby
  x86-mingw32

DEPENDENCIES
  mangdown!
  minitest (~> 5.0)
  rake
  rubocop
  webmock

BUNDLED WITH
   1.17.3
