PATH
  remote: .
  specs:
    mangdown (0.13.3)
      faraday (~> 0.9.0)
      nokogiri (~> 1.6.0)
      progress_bar (~> 1.0.3)
      ruby-filemagic
      rubyzip (~> 1.1.0)
      typhoeus (~> 0.7.1)

GEM
  remote: https://rubygems.org/
  specs:
    addressable (2.3.6)
    crack (0.4.2)
      safe_yaml (~> 1.0.0)
    ethon (0.7.3)
      ffi (>= 1.3.0)
    faraday (0.9.1)
      multipart-post (>= 1.2, < 3)
    ffi (1.9.8)
    highline (1.6.21)
    mini_portile (0.6.2)
    multipart-post (2.0.0)
    nokogiri (1.6.6.2)
      mini_portile (~> 0.6.0)
    options (2.3.2)
    progress_bar (1.0.3)
      highline (~> 1.6.1)
      options (~> 2.3.0)
    rake (10.4.2)
    ruby-filemagic (0.6.3)
    rubyzip (1.1.7)
    safe_yaml (1.0.4)
    typhoeus (0.7.1)
      ethon (>= 0.7.1)
    vcr (2.9.3)
    webmock (1.20.4)
      addressable (>= 2.3.6)
      crack (>= 0.3.2)

PLATFORMS
  ruby
  x86-mingw32

DEPENDENCIES
  mangdown!
  rake
  vcr
  webmock
