PATH
  remote: .
  specs:
    mangdown (0.11.0)
      activerecord
      faraday (~> 0.9.0)
      nokogiri (~> 1.6.0)
      pg (~> 0.15.1)
      progress_bar (~> 1.0.3)
      ruby-filemagic
      rubyzip (~> 1.1.0)
      typhoeus (~> 0.7.1)

GEM
  remote: https://rubygems.org/
  specs:
    activemodel (4.2.1)
      activesupport (= 4.2.1)
      builder (~> 3.1)
    activerecord (4.2.1)
      activemodel (= 4.2.1)
      activesupport (= 4.2.1)
      arel (~> 6.0)
    activesupport (4.2.1)
      i18n (~> 0.7)
      json (~> 1.7, >= 1.7.7)
      minitest (~> 5.1)
      thread_safe (~> 0.3, >= 0.3.4)
      tzinfo (~> 1.1)
    addressable (2.3.6)
    arel (6.0.0)
    builder (3.2.2)
    crack (0.4.2)
      safe_yaml (~> 1.0.0)
    ethon (0.7.3)
      ffi (>= 1.3.0)
    faraday (0.9.1)
      multipart-post (>= 1.2, < 3)
    ffi (1.9.8)
    ffi (1.9.8-x86-mingw32)
    highline (1.6.21)
    i18n (0.7.0)
    json (1.8.2)
    mini_portile (0.6.2)
    minitest (5.5.1)
    multipart-post (2.0.0)
    nokogiri (1.6.6.2)
      mini_portile (~> 0.6.0)
    nokogiri (1.6.6.2-x86-mingw32)
      mini_portile (~> 0.6.0)
    options (2.3.2)
    pg (0.15.1)
    pg (0.15.1-x86-mingw32)
    progress_bar (1.0.3)
      highline (~> 1.6.1)
      options (~> 2.3.0)
    rake (10.4.2)
    ruby-filemagic (0.6.3)
    ruby-filemagic (0.6.3-x86-mingw32)
    rubyzip (1.1.7)
    safe_yaml (1.0.4)
    thread_safe (0.3.5)
    typhoeus (0.7.1)
      ethon (>= 0.7.1)
    tzinfo (1.2.2)
      thread_safe (~> 0.1)
    vcr (2.9.3)
    webmock (1.20.4)
      addressable (>= 2.3.6)
      crack (>= 0.3.2)

PLATFORMS
  ruby
  x86-mingw32

DEPENDENCIES
  mangdown!
  rake
  vcr
  webmock
