PATH
  remote: .
  specs:
    mangdown (0.15.2)
      nokogiri (~> 1.6)
      ruby-filemagic
      rubyzip (~> 1.1)
      typhoeus (~> 0.7)

GEM
  remote: https://rubygems.org/
  specs:
    addressable (2.3.6)
    ast (2.3.0)
    crack (0.4.2)
      safe_yaml (~> 1.0.0)
    ethon (0.11.0)
      ffi (>= 1.3.0)
    ffi (1.9.18)
    mini_portile2 (2.3.0)
    minitest (5.5.1)
    nokogiri (1.8.1)
      mini_portile2 (~> 2.3.0)
    parallel (1.12.0)
    parser (2.4.0.0)
      ast (~> 2.2)
    powerpack (0.1.1)
    rainbow (2.2.2)
      rake
    rake (10.4.2)
    rubocop (0.51.0)
      parallel (~> 1.10)
      parser (>= 2.3.3.1, < 3.0)
      powerpack (~> 0.1)
      rainbow (>= 2.2.2, < 3.0)
      ruby-progressbar (~> 1.7)
      unicode-display_width (~> 1.0, >= 1.0.1)
    ruby-filemagic (0.7.2)
    ruby-progressbar (1.9.0)
    rubyzip (1.2.1)
    safe_yaml (1.0.4)
    typhoeus (0.8.0)
      ethon (>= 0.8.0)
    unicode-display_width (1.3.0)
    webmock (1.20.4)
      addressable (>= 2.3.6)
      crack (>= 0.3.2)

PLATFORMS
  ruby
  x86-mingw32

DEPENDENCIES
  mangdown!
  minitest (~> 5.0)
  rake
  rubocop
  webmock

BUNDLED WITH
   1.15.4
