PATH
  remote: .
  specs:
    mangdown (0.14.1)
      nokogiri (~> 1.6.0)
      ruby-filemagic
      rubyzip (~> 1.1.0)
      typhoeus (~> 0.7.1)

GEM
  remote: https://rubygems.org/
  specs:
    addressable (2.3.6)
    crack (0.4.2)
      safe_yaml (~> 1.0.0)
    ethon (0.7.3)
      ffi (>= 1.3.0)
    ffi (1.9.8)
    mini_portile (0.6.2)
    minitest (5.5.1)
    nokogiri (1.6.6.2)
      mini_portile (~> 0.6.0)
    rake (10.4.2)
    ruby-filemagic (0.6.3)
    rubyzip (1.1.7)
    safe_yaml (1.0.4)
    typhoeus (0.7.1)
      ethon (>= 0.7.1)
    webmock (1.20.4)
      addressable (>= 2.3.6)
      crack (>= 0.3.2)

PLATFORMS
  ruby
  x86-mingw32

DEPENDENCIES
  mangdown!
  minitest (~> 5.0)
  rake
  webmock
